GEM
  remote: https://rubygems.org/
  specs:
    docker-api (1.32.1)
      excon (>= 0.38.0)
      json
    excon (0.54.0)
    json (2.0.2)

PLATFORMS
  ruby

DEPENDENCIES
  docker-api

BUNDLED WITH
   1.13.6
